GEM
  remote: https://rubygems.org/
  specs:
    activemodel (4.0.1)
      activesupport (= 4.0.1)
      builder (~> 3.1.0)
    activesupport (4.0.1)
      i18n (~> 0.6, >= 0.6.4)
      minitest (~> 4.2)
      multi_json (~> 1.3)
      thread_safe (~> 0.1)
      tzinfo (~> 0.3.37)
    bson (2.2.4)
    builder (3.1.4)
    colored (1.2)
    connection_pool (2.0.0)
    dalli (2.7.1)
    faraday (0.9.0)
      multipart-post (>= 1.2, < 3)
    faraday_middleware (0.9.1)
      faraday (>= 0.7.4, < 0.10)
    hiredis (0.5.2)
    i18n (0.6.9)
    json-schema (2.1.9)
    kgio (2.9.2)
    mail (2.5.4)
      mime-types (~> 1.16)
      treetop (~> 1.4.8)
    mime-types (1.25.1)
    mini_portile (0.5.1)
    minitest (4.7.5)
    moped (2.0.0.rc1)
      bson (~> 2.2)
      connection_pool (~> 2.0)
      optionable (~> 0.2.0)
    multi_json (1.10.1)
    multi_xml (0.5.5)
    multipart-post (2.0.0)
    nokogiri (1.6.0)
      mini_portile (~> 0.5.0)
    oj (2.9.3)
    optionable (0.2.0)
    pg (0.17.1)
    polyglot (0.3.4)
    pupa (0.1.4)
      activesupport (~> 4.0.0)
      colored (~> 1.2)
      faraday_middleware (~> 0.9.0)
      json-schema (~> 2.1.3)
      mail
      moped (~> 2.0.0.rc1)
      oj (~> 2.1)
      pg (~> 0.17.0)
      sequel (~> 4.10.0)
    rack (1.5.2)
    rack-protection (1.5.3)
      rack
    raindrops (0.13.0)
    redis (3.0.7)
    redis-store (1.1.4)
      redis (>= 2.2)
    rubyzip (0.9.9)
    sequel (4.10.0)
    sinatra (1.4.5)
      rack (~> 1.4)
      rack-protection (~> 1.4)
      tilt (~> 1.3, >= 1.3.4)
    thread_safe (0.3.3)
    tilt (1.4.1)
    treetop (1.4.15)
      polyglot
      polyglot (>= 0.3.1)
    tzinfo (0.3.39)
    unicode_utils (1.4.0)
    unicorn (4.8.3)
      kgio (~> 2.6)
      rack
      raindrops (~> 0.7)

PLATFORMS
  ruby

DEPENDENCIES
  activemodel
  dalli
  hiredis
  multi_xml
  nokogiri
  pupa (~> 0.1.1)
  redis-store
  rubyzip (~> 0.9.9)
  sinatra
  unicode_utils
  unicorn
